PATH
  remote: .
  specs:
    cucumber (1.1.1)
      builder (>= 2.1.2)
      diff-lcs (>= 1.1.2)
      gherkin (~> 2.6.0)
      json (>= 1.4.6)
      term-ansicolor (>= 1.0.6)

GEM
  remote: http://rubygems.org/
  specs:
    aruba (0.4.6)
      bcat (>= 0.6.1)
      childprocess (>= 0.2.0)
      cucumber (>= 1.0.2)
      rdiscount (>= 1.6.8)
      rspec (>= 2.6.0)
    bcat (0.6.2)
      rack (~> 1.0)
    builder (3.0.0)
    capybara (1.1.1)
      mime-types (>= 1.16)
      nokogiri (>= 1.3.3)
      rack (>= 1.0.0)
      rack-test (>= 0.5.4)
      selenium-webdriver (~> 2.0)
      xpath (~> 0.1.4)
    childprocess (0.2.2)
      ffi (~> 1.0.6)
    diff-lcs (1.1.3)
    ffi (1.0.10)
    gherkin (2.6.0)
      json (>= 1.4.6)
    innate (2011.10)
      rack (>= 1.1.0)
    json (1.6.1)
    json_pure (1.6.1)
    mime-types (1.17.2)
    multi_json (1.0.3)
    nokogiri (1.5.0)
    prawn (0.8.4)
      prawn-core (>= 0.8.4, < 0.9)
      prawn-layout (>= 0.8.4, < 0.9)
      prawn-security (>= 0.8.4, < 0.9)
    prawn-core (0.8.4)
    prawn-layout (0.8.4)
    prawn-security (0.8.4)
    rack (1.3.5)
    rack-protection (1.1.4)
      rack
    rack-test (0.6.1)
      rack (>= 1.0)
    rake (0.9.2.2)
    ramaze (2011.10.23)
      innate (>= 2010.03)
    rdiscount (1.6.8)
    rspec (2.7.0)
      rspec-core (~> 2.7.0)
      rspec-expectations (~> 2.7.0)
      rspec-mocks (~> 2.7.0)
    rspec-core (2.7.1)
    rspec-expectations (2.7.0)
      diff-lcs (~> 1.1.2)
    rspec-mocks (2.7.0)
    rubyzip (0.9.4)
    selenium-webdriver (2.8.0)
      childprocess (>= 0.2.1)
      ffi (>= 1.0.7)
      json_pure
      rubyzip
    simplecov (0.5.4)
      multi_json (~> 1.0.3)
      simplecov-html (~> 0.5.3)
    simplecov-html (0.5.3)
    sinatra (1.3.1)
      rack (~> 1.3, >= 1.3.4)
      rack-protection (~> 1.1, >= 1.1.2)
      tilt (~> 1.3, >= 1.3.3)
    spork (0.9.0.rc9)
    syntax (1.0.0)
    term-ansicolor (1.0.7)
    tilt (1.3.3)
    webrat (0.7.3)
      nokogiri (>= 1.2.0)
      rack (>= 1.0)
      rack-test (>= 0.5.3)
    xpath (0.1.4)
      nokogiri (~> 1.3)
    yard (0.7.3)

PLATFORMS
  ruby

DEPENDENCIES
  aruba (~> 0.4.6)
  bcat (~> 0.6.1)
  capybara (>= 1.1.1)
  cucumber!
  nokogiri (>= 1.5.0)
  prawn (~> 0.8.4)
  prawn-layout (~> 0.8.4)
  rack-test (>= 0.6.1)
  rake (>= 0.9.2)
  ramaze
  rdiscount (~> 1.6.8)
  rspec (>= 2.7.0)
  simplecov (>= 0.5.4)
  sinatra (>= 1.3.1)
  spork (>= 0.9.0.rc9)
  syntax (>= 1.0.0)
  webrat (>= 0.7.3)
  yard (~> 0.7.3)
