PATH
  remote: .
  specs:
    gherkin (2.6.2)
      json (>= 1.4.6)

GEM
  remote: http://rubygems.org/
  specs:
    builder (3.0.0)
    cucumber (1.1.1)
      builder (>= 2.1.2)
      diff-lcs (>= 1.1.2)
      gherkin (~> 2.6.0)
      json (>= 1.4.6)
      term-ansicolor (>= 1.0.6)
    diff-lcs (1.1.3)
    json (1.6.1)
    json (1.6.1-java)
    libv8 (3.3.10.2)
    rake (0.9.2.2)
    rake-compiler (0.7.9)
      rake
    rdiscount (1.6.8)
    rspec (2.7.0)
      rspec-core (~> 2.7.0)
      rspec-expectations (~> 2.7.0)
      rspec-mocks (~> 2.7.0)
    rspec-core (2.7.1)
    rspec-expectations (2.7.0)
      diff-lcs (~> 1.1.2)
    rspec-mocks (2.7.0)
    term-ansicolor (1.0.7)
    therubyracer (0.9.8)
      libv8 (~> 3.3.10)
    yard (0.7.3)

PLATFORMS
  java
  ruby

DEPENDENCIES
  builder (>= 2.1.2)
  bundler (>= 1.0.21)
  cucumber (>= 1.1.1)
  gherkin!
  rake (>= 0.9.2)
  rake-compiler (>= 0.7.9)
  rdiscount (>= 1.6.8)
  rspec (>= 2.7.0)
  term-ansicolor (>= 1.0.6)
  therubyracer (>= 0.9.8)
  yard (>= 0.7.2)
